PATH
  remote: .
  specs:
    geo_hex (3.1.2)

GEM
  remote: http://rubygems.org/
  specs:
    diff-lcs (1.1.3)
    rake (10.0.2)
    rspec (2.12.0)
      rspec-core (~> 2.12.0)
      rspec-expectations (~> 2.12.0)
      rspec-mocks (~> 2.12.0)
    rspec-core (2.12.0)
    rspec-expectations (2.12.0)
      diff-lcs (~> 1.1.3)
    rspec-mocks (2.12.0)

PLATFORMS
  ruby

DEPENDENCIES
  bundler
  geo_hex!
  rake
  rspec
